PATH
  remote: .
  specs:
    flapjack (2.0.0a1)
      activesupport
      chronic
      chronic_duration
      dante
      gli (= 2.12.0)
      hiredis
      ice_cube
      mail
      oj (>= 2.9.0)
      rack (~> 1.5.2)
      rbtrace
      redis (>= 3.0.7)
      sinatra
      terminal-table
      toml
      tzinfo
      tzinfo-data
      xmpp4r (>= 0.5.5)
      zermelo (= 1.0.1)

GEM
  remote: https://rubygems.org/
  specs:
    activemodel (4.2.0)
      activesupport (= 4.2.0)
      builder (~> 3.1)
    activesupport (4.2.0)
      i18n (~> 0.7)
      json (~> 1.7, >= 1.7.7)
      minitest (~> 5.1)
      thread_safe (~> 0.3, >= 0.3.4)
      tzinfo (~> 1.1)
    addressable (2.3.6)
    awesome_print (1.6.1)
    blankslate (2.1.2.4)
    builder (3.2.2)
    chronic (0.10.2)
    chronic_duration (0.10.6)
      numerizer (~> 0.1.1)
    crack (0.4.2)
      safe_yaml (~> 1.0.0)
    cucumber (2.0.0.beta.5)
      builder (>= 2.1.2)
      cucumber-core (~> 1.0.0.beta.4)
      diff-lcs (>= 1.1.3)
      gherkin (~> 2.12)
      multi_json (>= 1.7.5, < 2.0)
      multi_test (>= 0.1.1)
    cucumber-core (1.0.0.beta.4)
      gherkin (~> 2.12.0)
    dante (0.2.0)
    delorean (2.1.0)
      chronic
    diff-lcs (1.2.5)
    docile (1.1.5)
    ffi (1.9.6)
    find_a_port (1.0.1)
    gherkin (2.12.2)
      multi_json (~> 1.3)
    gli (2.12.0)
    hiredis (0.5.2)
    i18n (0.7.0)
    ice_cube (0.12.1)
    json (1.8.2)
    mail (2.6.3)
      mime-types (>= 1.16, < 3)
    mime-types (2.4.3)
    minitest (5.5.1)
    msgpack (0.5.10)
    multi_json (1.10.1)
    multi_test (0.1.1)
    mysql2 (0.3.17)
    numerizer (0.1.1)
    oj (2.11.4)
    pact (1.5.0)
      awesome_print (~> 1.1)
      find_a_port (~> 1.0.1)
      json
      pact-mock_service (~> 0.2.3)
      pact-support (~> 0.2.1)
      rack-test (~> 0.6.2)
      randexp (~> 0.1.7)
      rspec (>= 2.14)
      term-ansicolor (~> 1.0)
      thor
      webrick
    pact-mock_service (0.2.3)
      find_a_port (~> 1.0.1)
      json
      pact-support (~> 0.2.1)
      rack
      rack-test (~> 0.6.2)
      rspec (>= 2.14)
      term-ansicolor (~> 1.0)
      thor
      webrick
    pact-support (0.2.1)
      awesome_print (~> 1.1)
      find_a_port (~> 1.0.1)
      json
      rack-test (~> 0.6.2)
      randexp (~> 0.1.7)
      rspec (>= 2.14)
      term-ansicolor (~> 1.0)
      thor
    parslet (1.5.0)
      blankslate (~> 2.0)
    rack (1.5.2)
    rack-protection (1.5.3)
      rack
    rack-test (0.6.3)
      rack (>= 1.0)
    rake (10.4.2)
    randexp (0.1.7)
    rbtrace (0.4.6)
      ffi (>= 1.0.6)
      msgpack (>= 0.4.3)
      trollop (>= 1.16.2)
    redis (3.2.0)
    rspec (3.1.0)
      rspec-core (~> 3.1.0)
      rspec-expectations (~> 3.1.0)
      rspec-mocks (~> 3.1.0)
    rspec-core (3.1.7)
      rspec-support (~> 3.1.0)
    rspec-expectations (3.1.2)
      diff-lcs (>= 1.2.0, < 2.0)
      rspec-support (~> 3.1.0)
    rspec-mocks (3.1.3)
      rspec-support (~> 3.1.0)
    rspec-support (3.1.2)
    ruby-prof (0.15.2)
    safe_yaml (1.0.4)
    simplecov (0.9.1)
      docile (~> 1.1.0)
      multi_json (~> 1.0)
      simplecov-html (~> 0.8.0)
    simplecov-html (0.8.0)
    sinatra (1.4.5)
      rack (~> 1.4)
      rack-protection (~> 1.4)
      tilt (~> 1.3, >= 1.3.4)
    term-ansicolor (1.3.0)
      tins (~> 1.0)
    terminal-table (1.4.5)
    thor (0.19.1)
    thread_safe (0.3.4)
    tilt (1.4.1)
    tins (1.3.3)
    toml (0.1.2)
      parslet (~> 1.5.0)
    trollop (2.1.1)
    tzinfo (1.2.2)
      thread_safe (~> 0.1)
    tzinfo-data (1.2015.1)
      tzinfo (>= 1.0.0)
    webmock (1.20.4)
      addressable (>= 2.3.6)
      crack (>= 0.3.2)
    webrick (1.3.1)
    xmpp4r (0.5.6)
    zermelo (1.0.1)
      activemodel

PLATFORMS
  ruby

DEPENDENCIES
  cucumber (>= 2.0.0.beta.3)
  delorean
  flapjack!
  mysql2
  pact
  rack-test
  rake
  rspec
  ruby-prof
  simplecov
  webmock
